GEM
  remote: http://rubygems.org/
  specs:
    RedCloth (4.2.3)
    ZenTest (4.4.2)
    abstract (1.0.0)
    actionmailer (3.0.3)
      actionpack (= 3.0.3)
      mail (~> 2.2.9)
    actionpack (3.0.3)
      activemodel (= 3.0.3)
      activesupport (= 3.0.3)
      builder (~> 2.1.2)
      erubis (~> 2.6.6)
      i18n (~> 0.4)
      rack (~> 1.2.1)
      rack-mount (~> 0.6.13)
      rack-test (~> 0.5.6)
      tzinfo (~> 0.3.23)
    activemodel (3.0.3)
      activesupport (= 3.0.3)
      builder (~> 2.1.2)
      i18n (~> 0.4)
    activerecord (3.0.3)
      activemodel (= 3.0.3)
      activesupport (= 3.0.3)
      arel (~> 2.0.2)
      tzinfo (~> 0.3.23)
    activeresource (3.0.3)
      activemodel (= 3.0.3)
      activesupport (= 3.0.3)
    activesupport (3.0.3)
    acts_as_list (0.1.2)
    acts_as_tree (0.1.1)
    annotate (2.4.0)
    arel (2.0.6)
    autotest (4.4.6)
      ZenTest (>= 4.4.1)
    autotest-rails (4.1.0)
      ZenTest
    builder (2.1.2)
    capybara (0.4.0)
      celerity (>= 0.7.9)
      culerity (>= 0.2.4)
      mime-types (>= 1.16)
      nokogiri (>= 1.3.3)
      rack (>= 1.0.0)
      rack-test (>= 0.5.4)
      selenium-webdriver (>= 0.0.27)
      xpath (~> 0.1.2)
    celerity (0.8.7)
    childprocess (0.1.6)
      ffi (~> 0.6.3)
    ci_reporter (1.6.4)
      builder (>= 2.1.2)
    configuration (1.2.0)
    cucumber (0.10.0)
      builder (>= 2.1.2)
      diff-lcs (~> 1.1.2)
      gherkin (~> 2.3.2)
      json (~> 1.4.6)
      term-ansicolor (~> 1.0.5)
    cucumber-rails (0.3.2)
      cucumber (>= 0.8.0)
    culerity (0.2.14)
    daemons (1.1.0)
    database_cleaner (0.6.0)
    delayed_job (2.1.2)
      activesupport (~> 3.0)
      daemons
    diff-lcs (1.1.2)
    dynamic_form (1.1.3)
    erubis (2.6.6)
      abstract (>= 1.0.0)
    exception_notification_rails3 (1.2.0)
    faker (0.3.1)
    ffi (0.6.3)
      rake (>= 0.8.7)
    gchartrb (0.8)
    gherkin (2.3.3)
      json (~> 1.4.6)
    i18n (0.5.0)
    icalendar (1.1.5)
    json (1.4.6)
    json_pure (1.4.6)
    launchy (0.3.7)
      configuration (>= 0.0.5)
      rake (>= 0.8.1)
    machinist (1.0.6)
    mail (2.2.14)
      activesupport (>= 2.3.6)
      i18n (>= 0.4.0)
      mime-types (~> 1.16)
      treetop (~> 1.4.8)
    mime-types (1.16)
    mysql2 (0.2.6)
    nokogiri (1.4.4)
    paperclip (2.3.8)
      activerecord
      activesupport
    pg (0.10.1)
    polyglot (0.3.1)
    rack (1.2.1)
    rack-mount (0.6.13)
      rack (>= 1.0.0)
    rack-test (0.5.7)
      rack (>= 1.0)
    rails (3.0.3)
      actionmailer (= 3.0.3)
      actionpack (= 3.0.3)
      activerecord (= 3.0.3)
      activeresource (= 3.0.3)
      activesupport (= 3.0.3)
      bundler (~> 1.0)
      railties (= 3.0.3)
    railties (3.0.3)
      actionpack (= 3.0.3)
      activesupport (= 3.0.3)
      rake (>= 0.8.7)
      thor (~> 0.14.4)
    rake (0.8.7)
    remotipart (0.2.0)
    rspec (2.4.0)
      rspec-core (~> 2.4.0)
      rspec-expectations (~> 2.4.0)
      rspec-mocks (~> 2.4.0)
    rspec-core (2.4.0)
    rspec-expectations (2.4.0)
      diff-lcs (~> 1.1.2)
    rspec-mocks (2.4.0)
    rspec-rails (2.4.1)
      actionpack (~> 3.0)
      activesupport (~> 3.0)
      railties (~> 3.0)
      rspec (~> 2.4.0)
    ruby-prof (0.9.2)
    rubyzip (0.9.4)
    rufus-scheduler (2.0.8)
      tzinfo (>= 0.3.23)
    selenium-webdriver (0.1.2)
      childprocess (~> 0.1.5)
      ffi (~> 0.6.3)
      json_pure
      rubyzip
    shoulda (2.11.3)
    simplecov (0.3.9)
      simplecov-html (>= 0.3.7)
    simplecov-html (0.3.9)
    smurf (1.0.5)
      rails (= 3.0.3)
    term-ansicolor (1.0.5)
    test-unit (2.1.2)
    test_notifier (0.3.4)
    thor (0.14.6)
    treetop (1.4.9)
      polyglot (>= 0.3.1)
    tzinfo (0.3.23)
    will_paginate (3.0.pre2)
    xpath (0.1.3)
      nokogiri (~> 1.3)

PLATFORMS
  ruby

DEPENDENCIES
  RedCloth (= 4.2.3)
  ZenTest
  acts_as_list
  acts_as_tree
  annotate
  autotest
  autotest-rails
  capybara (>= 0.4.0)
  ci_reporter
  cucumber (>= 0.8.5)
  cucumber-rails (>= 0.3.2)
  daemons (= 1.1.0)
  database_cleaner (>= 0.6.0)
  delayed_job (>= 2.1.1)
  dynamic_form
  exception_notification_rails3
  faker (= 0.3.1)
  gchartrb (>= 0.8)
  icalendar (>= 1.1.5)
  json
  launchy
  machinist (= 1.0.6)
  mysql2 (>= 0.2.3)
  paperclip (>= 2.3.3)
  pg
  rails (= 3.0.3)
  remotipart
  rspec
  rspec-rails (>= 2.0.0)
  ruby-prof
  rufus-scheduler
  shoulda (>= 2.11.3)
  simplecov
  smurf
  test-unit
  test_notifier
  tzinfo
  will_paginate (>= 3.0pre2)
